GEM
  remote: https://rubygems.org/
  specs:
    activesupport (6.1.7.7)
      concurrent-ruby (~> 1.0, >= 1.0.2)
      i18n (>= 1.6, < 2)
      minitest (>= 5.1)
      tzinfo (~> 2.0)
      zeitwerk (~> 2.3)
    addressable (2.8.6)
      public_suffix (>= 2.0.2, < 6.0)
    avro (1.9.2)
      multi_json
    avro_turf (0.11.0)
      avro (>= 1.7.7, < 1.10)
      excon (~> 0.45)
    bigdecimal (3.1.8)
    concurrent-ruby (1.2.3)
    connection_pool (2.4.1)
    crack (1.0.0)
      bigdecimal
      rexml
    delivery_boy (1.2.0)
      king_konf (~> 1.0)
      ruby-kafka (~> 1.5)
    digest-crc (0.6.5)
      rake (>= 12.0.0, < 14.0.0)
    dry-configurable (0.12.1)
      concurrent-ruby (~> 1.0)
      dry-core (~> 0.5, >= 0.5.0)
    dry-container (0.7.2)
      concurrent-ruby (~> 1.0)
      dry-configurable (~> 0.1, >= 0.1.3)
    dry-core (0.6.0)
      concurrent-ruby (~> 1.0)
    dry-equalizer (0.3.0)
    dry-events (0.3.0)
      concurrent-ruby (~> 1.0)
      dry-core (~> 0.5, >= 0.5)
    dry-inflector (0.2.0)
    dry-initializer (3.0.4)
    dry-logic (1.2.0)
      concurrent-ruby (~> 1.0)
      dry-core (~> 0.5, >= 0.5)
    dry-monitor (0.4.0)
      dry-configurable (~> 0.5)
      dry-core (~> 0.5, >= 0.5)
      dry-events (~> 0.2)
    dry-schema (1.6.2)
      concurrent-ruby (~> 1.0)
      dry-configurable (~> 0.8, >= 0.8.3)
      dry-core (~> 0.5, >= 0.5)
      dry-initializer (~> 3.0)
      dry-logic (~> 1.0)
      dry-types (~> 1.5)
    dry-types (1.5.1)
      concurrent-ruby (~> 1.0)
      dry-container (~> 0.3)
      dry-core (~> 0.5, >= 0.5)
      dry-inflector (~> 0.1, >= 0.1.2)
      dry-logic (~> 1.0, >= 1.0.2)
    dry-validation (1.6.0)
      concurrent-ruby (~> 1.0)
      dry-container (~> 0.7, >= 0.7.1)
      dry-core (~> 0.4)
      dry-equalizer (~> 0.2)
      dry-initializer (~> 3.0)
      dry-schema (~> 1.5, >= 1.5.2)
    envlogic (1.1.4)
      dry-inflector (~> 0.1)
    excon (0.109.0)
    hashdiff (1.1.0)
    i18n (1.14.5)
      concurrent-ruby (~> 1.0)
    io-console (0.5.9)
    irb (1.4.2)
      reline (>= 0.3.0)
    karafka (1.4.3)
      dry-configurable (~> 0.8)
      dry-inflector (~> 0.1)
      dry-monitor (~> 0.3)
      dry-validation (~> 1.2)
      envlogic (~> 1.1)
      irb (~> 1.0)
      rake (>= 11.3)
      ruby-kafka (>= 1.0.0)
      thor (>= 0.20)
      waterdrop (~> 1.4.0)
      zeitwerk (~> 2.1)
    karafka-sidekiq-backend (1.4.1)
      karafka (~> 1.4.0)
      sidekiq (>= 4.2)
    karafka-testing (1.4.1)
      karafka (~> 1.4.0.rc2)
    king_konf (1.0.1)
    minitest (5.15.0)
    multi_json (1.15.0)
    mustermann (2.0.2)
      ruby2_keywords (~> 0.0.1)
    public_suffix (4.0.7)
    rack (2.2.9)
    rack-protection (2.2.4)
      rack
    rake (13.2.1)
    redis (4.8.1)
    reline (0.3.1)
      io-console (~> 0.5)
    retries (0.0.5)
    rexml (3.3.3)
      strscan
    rimless (1.5.1)
      activesupport (>= 5.2)
      avro_turf (~> 0.11.0)
      karafka (~> 1.4, < 1.4.15)
      karafka-sidekiq-backend (~> 1.4)
      karafka-testing (~> 1.4)
      retries (>= 0.0.5)
      sinatra (~> 2.2)
      sparsify (~> 1.1)
      waterdrop (~> 1.4)
      webmock (~> 3.18)
    ruby-kafka (1.5.0)
      digest-crc
    ruby2_keywords (0.0.5)
    sidekiq (6.5.12)
      connection_pool (>= 2.2.5, < 3)
      rack (~> 2.0)
      redis (>= 4.5.0, < 5)
    sinatra (2.2.4)
      mustermann (~> 2.0)
      rack (~> 2.2)
      rack-protection (= 2.2.4)
      tilt (~> 2.0)
    sparsify (1.1.0)
    strscan (3.1.0)
    thor (1.2.2)
    tilt (2.3.0)
    tzinfo (2.0.6)
      concurrent-ruby (~> 1.0)
    waterdrop (1.4.2)
      delivery_boy (>= 0.2, < 2.x)
      dry-configurable (~> 0.8)
      dry-monitor (~> 0.3)
      dry-validation (~> 1.2)
      ruby-kafka (>= 0.7.8)
      zeitwerk (~> 2.1)
    webmock (3.23.0)
      addressable (>= 2.8.0)
      crack (>= 0.3.2)
      hashdiff (>= 0.4.0, < 2.0.0)
    zeitwerk (2.6.14)

PLATFORMS
  x86_64-linux

DEPENDENCIES
  rimless (~> 1.5)
  thor (~> 1.1)

BUNDLED WITH
   2.2.29
