GEM
  remote: https://rubygems.org/
  specs:
    activesupport (7.1.5.1)
      base64
      benchmark (>= 0.3)
      bigdecimal
      concurrent-ruby (~> 1.0, >= 1.0.2)
      connection_pool (>= 2.2.5)
      drb
      i18n (>= 1.6, < 2)
      logger (>= 1.4.2)
      minitest (>= 5.1)
      mutex_m
      securerandom (>= 0.3)
      tzinfo (~> 2.0)
    addressable (2.8.7)
      public_suffix (>= 2.0.2, < 7.0)
    avro (1.9.2)
      multi_json
    avro_turf (0.11.0)
      avro (>= 1.7.7, < 1.10)
      excon (~> 0.45)
    base64 (0.2.0)
    benchmark (0.4.0)
    bigdecimal (3.1.9)
    concurrent-ruby (1.3.5)
    connection_pool (2.5.0)
    crack (1.0.0)
      bigdecimal
      rexml
    delivery_boy (1.2.0)
      king_konf (~> 1.0)
      ruby-kafka (~> 1.5)
    digest-crc (0.7.0)
      rake (>= 12.0.0, < 14.0.0)
    drb (2.2.1)
    dry-configurable (0.16.1)
      dry-core (~> 0.6)
      zeitwerk (~> 2.6)
    dry-container (0.11.0)
      concurrent-ruby (~> 1.0)
    dry-core (0.9.1)
      concurrent-ruby (~> 1.0)
      zeitwerk (~> 2.6)
    dry-events (0.4.0)
      concurrent-ruby (~> 1.0)
      dry-core (~> 0.9, >= 0.9)
    dry-inflector (0.3.0)
    dry-initializer (3.1.1)
    dry-logic (1.3.0)
      concurrent-ruby (~> 1.0)
      dry-core (~> 0.9, >= 0.9)
      zeitwerk (~> 2.6)
    dry-monitor (0.7.0)
      dry-configurable (~> 0.16, >= 0.16.0)
      dry-core (~> 0.9, >= 0.9)
      dry-events (~> 0.4, >= 0.4.0)
    dry-schema (1.11.3)
      concurrent-ruby (~> 1.0)
      dry-configurable (~> 0.16, >= 0.16)
      dry-core (~> 0.9, >= 0.9)
      dry-initializer (~> 3.0)
      dry-logic (~> 1.3)
      dry-types (~> 1.6)
      zeitwerk (~> 2.6)
    dry-types (1.6.1)
      concurrent-ruby (~> 1.0)
      dry-container (~> 0.3)
      dry-core (~> 0.9, >= 0.9)
      dry-inflector (~> 0.1, >= 0.1.2)
      dry-logic (~> 1.3, >= 1.3)
      zeitwerk (~> 2.6)
    dry-validation (1.9.0)
      concurrent-ruby (~> 1.0)
      dry-container (~> 0.7, >= 0.7.1)
      dry-core (~> 0.9, >= 0.9)
      dry-initializer (~> 3.0)
      dry-schema (~> 1.11, >= 1.11.0)
      zeitwerk (~> 2.6)
    envlogic (1.1.5)
      dry-inflector (~> 0.1)
    excon (0.112.0)
    hashdiff (1.1.2)
    i18n (1.14.7)
      concurrent-ruby (~> 1.0)
    karafka (1.4.14)
      concurrent-ruby
      dry-configurable (~> 0.16)
      dry-inflector (~> 0.2)
      dry-monitor (~> 0.5)
      dry-validation (~> 1.7)
      envlogic (~> 1.1)
      ruby-kafka (>= 1.3.0)
      thor (>= 1.1)
      waterdrop (~> 1.4)
      zeitwerk (~> 2.6)
    karafka-sidekiq-backend (1.4.9)
      karafka (~> 1.4.0)
      sidekiq (>= 4.2)
    karafka-testing (1.4.5)
      karafka (~> 1.4.0)
    king_konf (1.0.1)
    logger (1.6.6)
    minitest (5.25.4)
    multi_json (1.15.0)
    mustermann (2.0.2)
      ruby2_keywords (~> 0.0.1)
    mutex_m (0.3.0)
    public_suffix (5.1.1)
    rack (2.2.11)
    rack-protection (2.2.4)
      rack
    rake (13.2.1)
    redis-client (0.23.2)
      connection_pool
    retries (0.0.5)
    rexml (3.4.1)
    rimless (1.11.0)
      activesupport (>= 6.1)
      avro_turf (~> 0.11.0)
      karafka (~> 1.4, < 1.4.15)
      karafka-sidekiq-backend (~> 1.4)
      karafka-testing (~> 1.4)
      mutex_m (~> 0.3.0)
      retries (>= 0.0.5)
      sinatra (~> 2.2)
      sparsify (~> 1.1)
      waterdrop (~> 1.4)
      webmock (~> 3.18)
      zeitwerk (~> 2.6)
    ruby-kafka (1.5.0)
      digest-crc
    ruby2_keywords (0.0.5)
    securerandom (0.3.2)
    sidekiq (7.3.9)
      base64
      connection_pool (>= 2.3.0)
      logger
      rack (>= 2.2.4)
      redis-client (>= 0.22.2)
    sinatra (2.2.4)
      mustermann (~> 2.0)
      rack (~> 2.2)
      rack-protection (= 2.2.4)
      tilt (~> 2.0)
    sparsify (1.1.0)
    thor (1.3.2)
    tilt (2.6.0)
    tzinfo (2.0.6)
      concurrent-ruby (~> 1.0)
    waterdrop (1.4.4)
      delivery_boy (>= 0.2, < 2.x)
      dry-configurable (~> 0.13)
      dry-monitor (~> 0.5)
      dry-validation (~> 1.7)
      ruby-kafka (>= 1.3.0)
      zeitwerk (~> 2.4)
    webmock (3.25.0)
      addressable (>= 2.8.0)
      crack (>= 0.3.2)
      hashdiff (>= 0.4.0, < 2.0.0)
    zeitwerk (2.6.18)

PLATFORMS
  x86_64-linux

DEPENDENCIES
  rimless (~> 1.11)
  thor (~> 1.1)

BUNDLED WITH
   2.4.22
